PATH
  remote: ../..
  specs:
    notifiable_admin (0.2.2)
      api-auth (~> 1.1.0)
      bootstrap-kaminari-views (~> 0.0.3)
      cancancan (~> 1.9.2)
      coffee-rails (>= 4.0.0)
      delayed_job_active_record (~> 4.0.0)
      devise (~> 3.4.1)
      iso (~> 0.2.1)
      jbuilder (~> 2.0)
      jquery-rails
      kaminari (~> 0.15.1)
      notifiable-rails (>= 0.22.1)
      quiet_assets (~> 1.0.3)
      rails (>= 4.1.0)
      rails-assets-bootstrap (~> 3.3.2)
      rails-assets-eonasdan-bootstrap-datetimepicker (~> 4.0.0)
      sass-rails (>= 4.0.3)
      simple_form (~> 3.1.0)
      turbolinks
      uglifier (>= 1.3.0)
      zeroclipboard-rails (~> 0.0.12)

GEM
  remote: https://rubygems.org/
  remote: https://rails-assets.org/
  specs:
    actionmailer (4.1.8)
      actionpack (= 4.1.8)
      actionview (= 4.1.8)
      mail (~> 2.5, >= 2.5.4)
    actionpack (4.1.8)
      actionview (= 4.1.8)
      activesupport (= 4.1.8)
      rack (~> 1.5.2)
      rack-test (~> 0.6.2)
    actionview (4.1.8)
      activesupport (= 4.1.8)
      builder (~> 3.1)
      erubis (~> 2.7.0)
    activemodel (4.1.8)
      activesupport (= 4.1.8)
      builder (~> 3.1)
    activerecord (4.1.8)
      activemodel (= 4.1.8)
      activesupport (= 4.1.8)
      arel (~> 5.0.0)
    activesupport (4.1.8)
      i18n (~> 0.6, >= 0.6.9)
      json (~> 1.7, >= 1.7.7)
      minitest (~> 5.1)
      thread_safe (~> 0.1)
      tzinfo (~> 1.1)
    addressable (2.3.8)
    api-auth (1.1.0)
    arel (5.0.1.20140414130214)
    bcrypt (3.1.10)
    bootstrap-kaminari-views (0.0.5)
      kaminari (>= 0.13)
      rails (>= 3.1)
    brakeman (3.1.2)
      erubis (~> 2.6)
      fastercsv (~> 1.5)
      haml (>= 3.0, < 5.0)
      highline (~> 1.6)
      multi_json (~> 1.2)
      ruby2ruby (>= 2.1.1, < 2.3.0)
      ruby_parser (~> 3.7.0)
      safe_yaml
      sass (~> 3.0)
      slim (>= 1.3.6, < 4.0)
      terminal-table (~> 1.4)
    builder (3.2.2)
    byebug (8.2.1)
    cancancan (1.9.2)
    capybara (2.4.4)
      mime-types (>= 1.16)
      nokogiri (>= 1.3.3)
      rack (>= 1.0.0)
      rack-test (>= 0.5.4)
      xpath (~> 2.0)
    celluloid (0.16.0)
      timers (~> 4.0.0)
    chartkick (1.3.2)
    coderay (1.1.0)
    coffee-rails (4.0.1)
      coffee-script (>= 2.2.0)
      railties (>= 4.0.0, < 5.0)
    coffee-script (2.4.1)
      coffee-script-source
      execjs
    coffee-script-source (1.10.0)
    connection_pool (2.0.0)
    database_cleaner (1.2.0)
    dateslices (0.0.3)
      rails (~> 4.0)
    delayed_job (4.0.6)
      activesupport (>= 3.0, < 5.0)
    delayed_job_active_record (4.0.3)
      activerecord (>= 3.0, < 5.0)
      delayed_job (>= 3.0, < 4.1)
    devise (3.4.1)
      bcrypt (~> 3.0)
      orm_adapter (~> 0.1)
      railties (>= 3.2.6, < 5)
      responders
      thread_safe (~> 0.1)
      warden (~> 1.2.3)
    diff-lcs (1.2.5)
    docile (1.1.5)
    erubis (2.7.0)
    execjs (2.6.0)
    factory_girl (4.4.0)
      activesupport (>= 3.0.0)
    factory_girl_rails (4.4.1)
      factory_girl (~> 4.4.0)
      railties (>= 3.0.0)
    faker (1.6.1)
      i18n (~> 0.5)
    fastercsv (1.5.5)
    ffi (1.9.10)
    formatador (0.2.5)
    gcm (0.0.9)
      httparty
      json
    grocer (0.5.0)
    guard (2.10.5)
      formatador (>= 0.2.4)
      listen (~> 2.7)
      lumberjack (~> 1.0)
      nenv (~> 0.1)
      pry (>= 0.9.12)
      thor (>= 0.18.1)
    guard-compat (1.2.1)
    guard-rspec (4.5.2)
      guard (~> 2.1)
      guard-compat (~> 1.1)
      rspec (>= 2.99.0, < 4.0)
    haml (4.0.7)
      tilt
    highline (1.7.8)
    hike (1.2.3)
    hitimes (1.2.3)
    httparty (0.13.7)
      json (~> 1.8)
      multi_xml (>= 0.5.2)
    i18n (0.7.0)
    iso (0.2.1)
      i18n
    jbuilder (2.3.2)
      activesupport (>= 3.0.0, < 5)
      multi_json (~> 1.2)
    jquery-rails (3.1.4)
      railties (>= 3.0, < 5.0)
      thor (>= 0.14, < 2.0)
    json (1.8.3)
    json_spec (1.1.4)
      multi_json (~> 1.0)
      rspec (>= 2.0, < 4.0)
    kaminari (0.15.1)
      actionpack (>= 3.0.0)
      activesupport (>= 3.0.0)
    launchy (2.4.3)
      addressable (~> 2.3)
    listen (2.10.1)
      celluloid (~> 0.16.0)
      rb-fsevent (>= 0.9.3)
      rb-inotify (>= 0.9)
    lumberjack (1.0.9)
    mail (2.6.3)
      mime-types (>= 1.16, < 3)
    method_source (0.8.2)
    mime-types (2.99)
    mini_portile (0.6.2)
    minitest (5.8.3)
    multi_json (1.11.2)
    multi_xml (0.5.5)
    mustache (0.99.8)
    nenv (0.2.0)
    nokogiri (1.6.6.4)
      mini_portile (~> 0.6.0)
    notifiable-apns-grocer (0.11.0)
      connection_pool (~> 2.0.0)
      grocer (~> 0.5.0)
      notifiable-rails (>= 0.21.0)
    notifiable-gcm-spacialdb (0.7.0)
      gcm (~> 0.0.6)
      notifiable-rails (>= 0.19.0)
    notifiable-mpns-nverinaud (0.6.0)
      notifiable-rails (>= 0.19.0)
      ruby-mpns (~> 1.2.1)
    notifiable-rails (0.22.1)
      rails (~> 4.1.0)
    orm_adapter (0.5.0)
    pg (0.18.4)
    pry (0.10.3)
      coderay (~> 1.1.0)
      method_source (~> 0.8.1)
      slop (~> 3.4)
    quiet_assets (1.0.3)
      railties (>= 3.1, < 5.0)
    rack (1.5.5)
    rack-test (0.6.3)
      rack (>= 1.0)
    rails (4.1.8)
      actionmailer (= 4.1.8)
      actionpack (= 4.1.8)
      actionview (= 4.1.8)
      activemodel (= 4.1.8)
      activerecord (= 4.1.8)
      activesupport (= 4.1.8)
      bundler (>= 1.3.0, < 2.0)
      railties (= 4.1.8)
      sprockets-rails (~> 2.0)
    rails-assets-bootstrap (3.3.6)
      rails-assets-jquery (>= 1.9.1, < 3)
    rails-assets-eonasdan-bootstrap-datetimepicker (4.0.0)
      rails-assets-jquery (>= 1.8.3)
      rails-assets-moment (>= 2.8.0)
    rails-assets-highcharts (4.1.1)
    rails-assets-jquery (2.1.4)
    rails-assets-jquery.appear.js (0.3.6)
      rails-assets-jquery (>= 1.5)
    rails-assets-moment (2.10.6)
    railties (4.1.8)
      actionpack (= 4.1.8)
      activesupport (= 4.1.8)
      rake (>= 0.8.7)
      thor (>= 0.18.1, < 2.0)
    rake (10.4.2)
    rb-fsevent (0.9.6)
    rb-inotify (0.9.5)
      ffi (>= 0.5.0)
    responders (1.1.2)
      railties (>= 3.2, < 4.2)
    rspec (3.0.0)
      rspec-core (~> 3.0.0)
      rspec-expectations (~> 3.0.0)
      rspec-mocks (~> 3.0.0)
    rspec-core (3.0.4)
      rspec-support (~> 3.0.0)
    rspec-expectations (3.0.4)
      diff-lcs (>= 1.2.0, < 2.0)
      rspec-support (~> 3.0.0)
    rspec-html-matchers (0.6.1)
      nokogiri (~> 1)
      rspec (~> 3)
    rspec-mocks (3.0.4)
      rspec-support (~> 3.0.0)
    rspec-rails (3.0.2)
      actionpack (>= 3.0)
      activesupport (>= 3.0)
      railties (>= 3.0)
      rspec-core (~> 3.0.0)
      rspec-expectations (~> 3.0.0)
      rspec-mocks (~> 3.0.0)
      rspec-support (~> 3.0.0)
    rspec-support (3.0.4)
    rspec_api_documentation (4.1.0)
      activesupport (>= 3.0.0)
      json (~> 1.4, >= 1.4.6)
      mustache (~> 0.99, >= 0.99.4)
      rspec (~> 3.0.0, >= 3.0.0)
    ruby-mpns (1.2.1)
      builder
    ruby2ruby (2.2.0)
      ruby_parser (~> 3.1)
      sexp_processor (~> 4.0)
    ruby_parser (3.7.2)
      sexp_processor (~> 4.1)
    safe_yaml (1.0.4)
    sass (3.2.19)
    sass-rails (4.0.5)
      railties (>= 4.0.0, < 5.0)
      sass (~> 3.2.2)
      sprockets (~> 2.8, < 3.0)
      sprockets-rails (~> 2.0)
    sexp_processor (4.6.0)
    simple_form (3.1.1)
      actionpack (~> 4.0)
      activemodel (~> 4.0)
    simplecov (0.8.2)
      docile (~> 1.1.0)
      multi_json
      simplecov-html (~> 0.8.0)
    simplecov-html (0.8.0)
    simplecov-rcov (0.2.3)
      simplecov (>= 0.4.1)
    slim (3.0.6)
      temple (~> 0.7.3)
      tilt (>= 1.3.3, < 2.1)
    slop (3.6.0)
    spring (1.4.4)
    spring-commands-rspec (1.0.4)
      spring (>= 0.9.1)
    sprockets (2.12.4)
      hike (~> 1.2)
      multi_json (~> 1.0)
      rack (~> 1.0)
      tilt (~> 1.1, != 1.3.0)
    sprockets-rails (2.3.3)
      actionpack (>= 3.0)
      activesupport (>= 3.0)
      sprockets (>= 2.8, < 4.0)
    sqlite3 (1.3.11)
    temple (0.7.6)
    terminal-table (1.5.2)
    thor (0.19.1)
    thread_safe (0.3.5)
    tilt (1.4.1)
    timers (4.0.4)
      hitimes
    turbolinks (2.5.3)
      coffee-rails
    tzinfo (1.2.2)
      thread_safe (~> 0.1)
    uglifier (2.7.2)
      execjs (>= 0.3.0)
      json (>= 1.8.0)
    warden (1.2.3)
      rack (>= 1.0)
    xpath (2.0.0)
      nokogiri (~> 1.3)
    zeroclipboard-rails (0.0.13)
      railties (>= 3.1)

PLATFORMS
  ruby

DEPENDENCIES
  api-auth (~> 1.1.0)
  bootstrap-kaminari-views (~> 0.0.3)
  brakeman
  byebug
  cancancan (~> 1.9.2)
  capybara (~> 2.4.1)
  chartkick (~> 1.3.2)
  coffee-rails (~> 4.0.0)
  database_cleaner (~> 1.2.0)
  dateslices (~> 0.0.3)
  delayed_job_active_record (~> 4.0.0)
  devise (~> 3.4.1)
  factory_girl_rails (~> 4.4.1)
  faker
  guard (~> 2.10.5)
  guard-rspec (~> 4.5.0)
  iso (~> 0.2.1)
  jbuilder (~> 2.0)
  jquery-rails
  json_spec (~> 1.1.1)
  kaminari (~> 0.15.1)
  launchy (~> 2.4.2)
  notifiable-apns-grocer (~> 0.11.0)
  notifiable-gcm-spacialdb (~> 0.7.0)
  notifiable-mpns-nverinaud (~> 0.6.0)
  notifiable-rails (~> 0.22.1)
  notifiable_admin!
  pg (~> 0.18.2)
  quiet_assets (~> 1.0.3)
  rails (= 4.1.8)
  rails-assets-bootstrap (~> 3.3.2)
  rails-assets-eonasdan-bootstrap-datetimepicker (~> 4.0.0)
  rails-assets-highcharts (= 4.1.1)
  rails-assets-jquery.appear.js
  rspec-html-matchers (~> 0.6.1)
  rspec-mocks (~> 3.0.4)
  rspec-rails (~> 3.0.2)
  rspec_api_documentation (~> 4.1.0)
  sass-rails (~> 4.0.3)
  simple_form (~> 3.1.0)
  simplecov (~> 0.8.2)
  simplecov-rcov (~> 0.2.3)
  spring
  spring-commands-rspec (~> 1.0.4)
  sqlite3
  thor
  turbolinks
  uglifier (>= 1.3.0)

BUNDLED WITH
   1.10.6
